GEM
  remote: https://rubygems.org/
  specs:
    little-plugger (1.1.4)
    logging (2.0.0)
      little-plugger (~> 1.1)
      multi_json (~> 1.10)
    multi_json (1.11.2)

PLATFORMS
  ruby

DEPENDENCIES
  logging (= 2.0.0)

BUNDLED WITH
   1.10.6
